PATH
  remote: .
  specs:
    aidp (0.7.0)
      async (~> 2.0)
      colorize (~> 1.1)
      concurrent-ruby (~> 1.2)
      csv (~> 3.2)
      logger (~> 1.5)
      pg (~> 1.5)
      que (~> 2.4)
      ruby_tree_sitter (~> 2.0)
      sequel (~> 5.77)
      thor (~> 1.3)
      tty-box (~> 0.7)
      tty-cursor (~> 0.7)
      tty-progressbar (~> 0.18)
      tty-prompt (~> 0.23)
      tty-screen (~> 0.8)
      tty-spinner (~> 0.9)
      tty-table (~> 0.12)

GEM
  remote: https://rubygems.org/
  specs:
    ast (2.4.3)
    async (2.32.0)
      console (~> 1.29)
      fiber-annotation
      io-event (~> 1.11)
      metrics (~> 0.12)
      traces (~> 0.18)
    benchmark (0.4.1)
    bigdecimal (3.2.3)
    colorize (1.1.0)
    concurrent-ruby (1.3.5)
    console (1.34.0)
      fiber-annotation
      fiber-local (~> 1.1)
      json
    csv (3.3.5)
    diff-lcs (1.6.2)
    fiber-annotation (0.2.0)
    fiber-local (1.1.0)
      fiber-storage
    fiber-storage (1.0.1)
    io-console (0.8.1)
    io-event (1.14.0)
    json (2.13.2)
    language_server-protocol (3.17.0.5)
    lint_roller (1.1.0)
    logger (1.7.0)
    metrics (0.15.0)
    oppen (1.0.0)
    parallel (1.27.0)
    parser (3.3.9.0)
      ast (~> 2.4.1)
      racc
    pastel (0.8.0)
      tty-color (~> 0.5)
    pg (1.6.2)
    pg (1.6.2-aarch64-linux)
    pg (1.6.2-aarch64-linux-musl)
    pg (1.6.2-arm64-darwin)
    pg (1.6.2-x86_64-darwin)
    pg (1.6.2-x86_64-linux)
    pg (1.6.2-x86_64-linux-musl)
    prism (1.4.0)
    que (2.4.1)
    racc (1.8.1)
    rainbow (3.1.1)
    rake (13.3.0)
    regexp_parser (2.11.2)
    reline (0.6.2)
      io-console (~> 0.5)
    rspec (3.13.1)
      rspec-core (~> 3.13.0)
      rspec-expectations (~> 3.13.0)
      rspec-mocks (~> 3.13.0)
    rspec-core (3.13.5)
      rspec-support (~> 3.13.0)
    rspec-expectations (3.13.5)
      diff-lcs (>= 1.2.0, < 2.0)
      rspec-support (~> 3.13.0)
    rspec-mocks (3.13.5)
      diff-lcs (>= 1.2.0, < 2.0)
      rspec-support (~> 3.13.0)
    rspec-support (3.13.5)
    rubocop (1.75.8)
      json (~> 2.3)
      language_server-protocol (~> 3.17.0.2)
      lint_roller (~> 1.1.0)
      parallel (~> 1.10)
      parser (>= 3.3.0.2)
      rainbow (>= 2.2.2, < 4.0)
      regexp_parser (>= 2.9.3, < 3.0)
      rubocop-ast (>= 1.44.0, < 2.0)
      ruby-progressbar (~> 1.7)
      unicode-display_width (>= 2.4.0, < 4.0)
    rubocop-ast (1.46.0)
      parser (>= 3.3.7.2)
      prism (~> 1.4)
    rubocop-performance (1.25.0)
      lint_roller (~> 1.1)
      rubocop (>= 1.75.0, < 2.0)
      rubocop-ast (>= 1.38.0, < 2.0)
    ruby-progressbar (1.13.0)
    ruby_tree_sitter (2.0.0)
      oppen (~> 1.0)
      sorbet-runtime
      zeitwerk
    ruby_tree_sitter (2.0.0-aarch64-linux-gnu)
      oppen (~> 1.0)
      sorbet-runtime
      zeitwerk
    ruby_tree_sitter (2.0.0-aarch64-linux-musl)
      oppen (~> 1.0)
      sorbet-runtime
      zeitwerk
    ruby_tree_sitter (2.0.0-arm-linux-gnu)
      oppen (~> 1.0)
      sorbet-runtime
      zeitwerk
    ruby_tree_sitter (2.0.0-arm-linux-musl)
      oppen (~> 1.0)
      sorbet-runtime
      zeitwerk
    ruby_tree_sitter (2.0.0-arm64-darwin)
      oppen (~> 1.0)
      sorbet-runtime
      zeitwerk
    ruby_tree_sitter (2.0.0-x86-linux-musl)
      oppen (~> 1.0)
      sorbet-runtime
      zeitwerk
    ruby_tree_sitter (2.0.0-x86_64-darwin)
      oppen (~> 1.0)
      sorbet-runtime
      zeitwerk
    ruby_tree_sitter (2.0.0-x86_64-linux-gnu)
      oppen (~> 1.0)
      sorbet-runtime
      zeitwerk
    ruby_tree_sitter (2.0.0-x86_64-linux-musl)
      oppen (~> 1.0)
      sorbet-runtime
      zeitwerk
    sequel (5.96.0)
      bigdecimal
    sorbet-runtime (0.6.12479)
    standard (1.50.0)
      language_server-protocol (~> 3.17.0.2)
      lint_roller (~> 1.0)
      rubocop (~> 1.75.5)
      standard-custom (~> 1.0.0)
      standard-performance (~> 1.8)
    standard-custom (1.0.2)
      lint_roller (~> 1.0)
      rubocop (~> 1.50)
    standard-performance (1.8.0)
      lint_roller (~> 1.1)
      rubocop-performance (~> 1.25.0)
    strings (0.2.1)
      strings-ansi (~> 0.2)
      unicode-display_width (>= 1.5, < 3.0)
      unicode_utils (~> 1.4)
    strings-ansi (0.2.0)
    thor (1.4.0)
    traces (0.18.2)
    tty-box (0.7.0)
      pastel (~> 0.8)
      strings (~> 0.2.0)
      tty-cursor (~> 0.7)
    tty-color (0.6.0)
    tty-cursor (0.7.1)
    tty-progressbar (0.18.3)
      strings-ansi (~> 0.2)
      tty-cursor (~> 0.7)
      tty-screen (~> 0.8)
      unicode-display_width (>= 1.6, < 3.0)
    tty-prompt (0.23.1)
      pastel (~> 0.8)
      tty-reader (~> 0.8)
    tty-reader (0.9.0)
      tty-cursor (~> 0.7)
      tty-screen (~> 0.8)
      wisper (~> 2.0)
    tty-screen (0.8.2)
    tty-spinner (0.9.3)
      tty-cursor (~> 0.7)
    tty-table (0.12.0)
      pastel (~> 0.8)
      strings (~> 0.2.0)
      tty-screen (~> 0.8)
    unicode-display_width (2.6.0)
    unicode_utils (1.4.0)
    wisper (2.0.1)
    zeitwerk (2.7.3)

PLATFORMS
  aarch64-linux
  aarch64-linux-gnu
  aarch64-linux-musl
  arm-linux-gnu
  arm-linux-musl
  arm64-darwin
  x86-linux-gnu
  x86-linux-musl
  x86_64-darwin
  x86_64-linux
  x86_64-linux-gnu
  x86_64-linux-musl

DEPENDENCIES
  aidp!
  benchmark
  rake
  reline
  rspec
  standard

BUNDLED WITH
   2.6.6
